PATH
  remote: .
  specs:
    atm (0.1.1)
      byebug (~> 9.0, >= 9.0.6)

GEM
  remote: https://rubygems.org/
  specs:
    byebug (9.1.0)
    diff-lcs (1.3)
    rake (10.5.0)
    rspec (3.9.0)
      rspec-core (~> 3.9.0)
      rspec-expectations (~> 3.9.0)
      rspec-mocks (~> 3.9.0)
    rspec-core (3.9.2)
      rspec-support (~> 3.9.3)
    rspec-expectations (3.9.1)
      diff-lcs (>= 1.2.0, < 2.0)
      rspec-support (~> 3.9.0)
    rspec-mocks (3.9.1)
      diff-lcs (>= 1.2.0, < 2.0)
      rspec-support (~> 3.9.0)
    rspec-support (3.9.3)

PLATFORMS
  ruby

DEPENDENCIES
  atm!
  bundler (~> 2.0)
  rake (~> 10.0)
  rspec (~> 3.0)

BUNDLED WITH
   2.0.2
